PATH
  remote: .
  specs:
    gce-metadata (0.2.4)
      awesome_print
      ec2-metadata (~> 0.2, >= 0.2.2)

GEM
  remote: https://rubygems.org/
  specs:
    awesome_print (1.7.0)
    diff-lcs (1.2.5)
    ec2-metadata (0.2.2)
    rake (10.5.0)
    rspec (3.5.0)
      rspec-core (~> 3.5.0)
      rspec-expectations (~> 3.5.0)
      rspec-mocks (~> 3.5.0)
    rspec-core (3.5.2)
      rspec-support (~> 3.5.0)
    rspec-expectations (3.5.0)
      diff-lcs (>= 1.2.0, < 2.0)
      rspec-support (~> 3.5.0)
    rspec-mocks (3.5.0)
      diff-lcs (>= 1.2.0, < 2.0)
      rspec-support (~> 3.5.0)
    rspec-support (3.5.0)
    rubygems-tasks (0.2.4)

PLATFORMS
  ruby

DEPENDENCIES
  bundler (~> 1.10)!
  gce-metadata!
  rake (~> 10.0)!
  rspec (~> 3.0)!
  rubygems-tasks (~> 0.2)!

BUNDLED WITH
   1.11.2
